GEM
  remote: https://rubygems.org/
  specs:
    benchmark-ips (2.9.2)
    colorize (0.8.1)
    io-console (0.5.9)
    irb (1.3.7)
      reline (>= 0.2.7)
    reline (0.2.7)
      io-console (~> 0.5)

PLATFORMS
  x86_64-linux

DEPENDENCIES
  benchmark-ips (~> 2.9)
  colorize (~> 0.8.1)
  irb

BUNDLED WITH
   2.2.31
